GEM
  remote: https://rubygems.org/
  specs:
    ocra (1.3.11)
    tiny_tds (2.1.5)

PLATFORMS
  x86-mingw32

DEPENDENCIES
  ocra (= 1.3.11)
  tiny_tds (= 2.1.5)

BUNDLED WITH
   1.17.3
